GEM
  remote: https://rubygems.org/
  specs:
    activesupport (3.2.16)
      i18n (~> 0.6, >= 0.6.4)
      multi_json (~> 1.0)
    coderay (1.1.0)
    ffi (1.9.3)
    formatador (0.2.4)
    guard (1.8.3)
      formatador (>= 0.2.4)
      listen (~> 1.3)
      lumberjack (>= 1.0.2)
      pry (>= 0.9.10)
      thor (>= 0.14.6)
    guard-minitest (1.3.1)
      guard (>= 1.8)
      minitest (>= 2.1)
    http_router (0.11.0)
      rack (>= 1.0.0)
      url_mount (~> 0.2.1)
    i18n (0.6.9)
    listen (1.3.1)
      rb-fsevent (>= 0.9.3)
      rb-inotify (>= 0.9)
      rb-kqueue (>= 0.2)
    lumberjack (1.0.4)
    mail (2.5.4)
      mime-types (~> 1.16)
      treetop (~> 1.4.8)
    method_source (0.8.2)
    mime-types (1.25.1)
    minitest (2.6.2)
    minitest-colorize (0.0.5)
      minitest (>= 2.0)
    moneta (0.7.20)
    multi_json (1.8.4)
    padrino (0.12.0.rc3)
      padrino-admin (= 0.12.0.rc3)
      padrino-cache (= 0.12.0.rc3)
      padrino-core (= 0.12.0.rc3)
      padrino-gen (= 0.12.0.rc3)
      padrino-helpers (= 0.12.0.rc3)
      padrino-mailer (= 0.12.0.rc3)
    padrino-admin (0.12.0.rc3)
      padrino-core (= 0.12.0.rc3)
      padrino-helpers (= 0.12.0.rc3)
    padrino-cache (0.12.0.rc3)
      moneta (~> 0.7.0)
      padrino-core (= 0.12.0.rc3)
      padrino-helpers (= 0.12.0.rc3)
    padrino-core (0.12.0.rc3)
      activesupport (>= 3.1)
      http_router (~> 0.11.0)
      rack-protection (>= 1.5.0)
      sinatra (~> 1.4.2)
      thor (~> 0.17.0)
      tilt (~> 1.4.1)
    padrino-gen (0.12.0.rc3)
      bundler (~> 1.0)
      padrino-core (= 0.12.0.rc3)
    padrino-helpers (0.12.0.rc3)
      i18n (~> 0.6, >= 0.6.7)
      padrino-core (= 0.12.0.rc3)
    padrino-mailer (0.12.0.rc3)
      mail (~> 2.5.3)
      padrino-core (= 0.12.0.rc3)
    padrino-multi-json (0.0.4)
    pg (0.17.1)
    polyglot (0.3.3)
    pry (0.9.12.6)
      coderay (~> 1.0)
      method_source (~> 0.8)
      slop (~> 3.4)
    rack (1.5.2)
    rack-protection (1.5.2)
      rack
    rack-test (0.6.2)
      rack (>= 1.0)
    rake (10.1.1)
    rb-fsevent (0.9.4)
    rb-inotify (0.9.3)
      ffi (>= 0.5.0)
    rb-kqueue (0.2.0)
      ffi (>= 0.5.0)
    sass (3.2.14)
    sequel (4.7.0)
    sinatra (1.4.4)
      rack (~> 1.4)
      rack-protection (~> 1.4)
      tilt (~> 1.3, >= 1.3.4)
    slim (2.0.2)
      temple (~> 0.6.6)
      tilt (>= 1.3.3, < 2.1)
    slop (3.4.7)
    temple (0.6.7)
    thor (0.17.0)
    tilt (1.4.1)
    treetop (1.4.15)
      polyglot
      polyglot (>= 0.3.1)
    url_mount (0.2.1)
      rack
    yajl-ruby (1.2.0)

PLATFORMS
  ruby

DEPENDENCIES
  guard-minitest
  minitest (~> 2.6.0)
  minitest-colorize
  padrino (= 0.12.0.rc3)
  padrino-multi-json
  pg
  rack-test
  rake
  rb-fsevent
  sass
  sequel
  slim
  yajl-ruby
